GEM
  remote: https://rubygems.org/
  specs:
    backports (3.10.3)
    bcrypt (3.1.11)
    erubis (2.7.0)
    minitest (5.10.3)
    multi_json (1.12.2)
    nio4r (2.5.7)
    puma (4.3.8)
      nio4r (~> 2.0)
    rack (1.6.8)
    rack-protection (1.5.3)
      rack
    rack-test (0.8.2)
      rack (>= 1.0, < 3)
    redcarpet (3.4.0)
    sinatra (1.4.8)
      rack (~> 1.5)
      rack-protection (~> 1.4)
      tilt (>= 1.3, < 3)
    sinatra-contrib (1.4.7)
      backports (>= 2.0)
      multi_json
      rack-protection
      rack-test
      sinatra (~> 1.4.0)
      tilt (>= 1.3, < 3)
    tilt (2.0.8)

PLATFORMS
  ruby

DEPENDENCIES
  bcrypt
  erubis
  minitest
  puma
  redcarpet
  sinatra (~> 1.4.7)
  sinatra-contrib

RUBY VERSION
   ruby 2.4.2p198

BUNDLED WITH
   1.16.0
